GIT
  remote: https://github.com/bkuhlmann/xdg
  revision: 9f3aa51e75d6aec4ec100752f5a2afdeecb4faed
  tag: 3.0.2
  specs:
    xdg (3.0.2)

GEM
  remote: https://rubygems.org/
  specs:
    byebug (11.1.3)
    coderay (1.1.3)
    dotenv (2.8.1)
    method_source (1.0.0)
    multi_json (1.15.0)
    mustermann (3.0.0)
      ruby2_keywords (~> 0.0.1)
    net-ssh (6.1.0)
    nio4r (2.5.9)
    pry (0.14.2)
      coderay (~> 1.1)
      method_source (~> 1.0)
    pry-byebug (3.10.1)
      byebug (~> 11.0)
      pry (>= 0.13, < 0.15)
    puma (6.2.2)
      nio4r (~> 2.0)
    rack (2.2.7)
    rack-protection (3.0.6)
      rack
    ruby2_keywords (0.0.5)
    sinatra (3.0.6)
      mustermann (~> 3.0)
      rack (~> 2.2, >= 2.2.4)
      rack-protection (= 3.0.6)
      tilt (~> 2.0)
    sinatra-contrib (3.0.6)
      multi_json
      mustermann (~> 3.0)
      rack-protection (= 3.0.6)
      sinatra (= 3.0.6)
      tilt (~> 2.0)
    sinatra-namespace (1.0)
      sinatra-contrib
    tilt (2.1.0)
    tty-config (0.6.0)

PLATFORMS
  x86_64-linux

DEPENDENCIES
  dotenv
  net-ssh (~> 6.1)
  pry
  pry-byebug
  puma
  sinatra
  sinatra-namespace
  tty-config
  xdg!

BUNDLED WITH
   2.3.26
